GEM
  remote: https://rubygems.org/
  specs:
    ast (2.4.1)
    parallel (1.20.1)
    parser (3.0.0.0)
      ast (~> 2.4.1)
    rainbow (3.0.0)
    regexp_parser (2.0.3)
    rexml (3.2.4)
    rubocop (1.7.0)
      parallel (~> 1.10)
      parser (>= 2.7.1.5)
      rainbow (>= 2.2.2, < 4.0)
      regexp_parser (>= 1.8, < 3.0)
      rexml
      rubocop-ast (>= 1.2.0, < 2.0)
      ruby-progressbar (~> 1.7)
      unicode-display_width (>= 1.4.0, < 2.0)
    rubocop-ast (1.4.0)
      parser (>= 2.7.1.5)
    ruby-progressbar (1.11.0)
    sorbet (0.5.6189)
      sorbet-static (= 0.5.6189)
    sorbet-runtime (0.5.6189)
    sorbet-static (0.5.6189-universal-darwin-14)
    unicode-display_width (1.7.0)

PLATFORMS
  ruby

DEPENDENCIES
  rubocop (~> 1.7)
  sorbet
  sorbet-runtime

RUBY VERSION
   ruby 2.7.2p137

BUNDLED WITH
   2.1.4
